GEM
  remote: https://rubygems.org/
  specs:
    activesupport (6.0.6.1)
      concurrent-ruby (~> 1.0, >= 1.0.2)
      i18n (>= 0.7, < 2)
      minitest (~> 5.1)
      tzinfo (~> 1.1)
      zeitwerk (~> 2.2, >= 2.2.2)
    amazon-ecs (2.5.0)
      nokogiri (~> 1.4)
      ruby-hmac (~> 0.3)
    concurrent-ruby (1.2.0)
    crass (1.0.2)
    dotenv (2.2.1)
    english (0.6.3)
      language
    i18n (1.12.0)
      concurrent-ruby (~> 1.0)
    json (2.1.0)
    language (0.6.0)
    mini_portile2 (2.1.0)
    minitest (5.17.0)
    nokogiri (1.6.8)
      mini_portile2 (~> 2.1.0)
      pkg-config (~> 1.1.7)
    nokogumbo (1.4.9)
      nokogiri
    pkg-config (1.1.7)
    rake (12.0.0)
    ruby-hmac (0.4.0)
    sanitize (4.1.0)
      crass (~> 1.0.2)
      nokogiri (>= 1.4.4)
      nokogumbo (~> 1.4.1)
    stringex (2.6.1)
    thread_safe (0.3.6)
    tzinfo (1.2.11)
      thread_safe (~> 0.1)
    zeitwerk (2.6.6)

PLATFORMS
  ruby

DEPENDENCIES
  activesupport
  amazon-ecs
  dotenv
  english
  json
  rake
  sanitize
  stringex

BUNDLED WITH
   2.0.2
